GIT
  remote: https://github.com/wuminzhe/kontena-websocket-client
  revision: 686fc0a41d8db3db09f5bc05a2effcce27f69cc9
  branch: master
  specs:
    kontena-websocket-client (0.2.dev)
      websocket-driver (>= 0.6.5)

PATH
  remote: .
  specs:
    scale.rb (0.2.16)
      base58
      blake2b
      json (~> 2.3.0)
      xxhash

GEM
  remote: https://rubygems.org/
  specs:
    base58 (0.2.3)
    blake2b (0.10.0)
    coderay (1.1.2)
    diff-lcs (1.3)
    ffi (1.12.2)
    json (2.3.1)
    method_source (0.9.2)
    pry (0.12.2)
      coderay (~> 1.1.0)
      method_source (~> 0.9.0)
    rake (13.0.1)
    rspec (3.9.0)
      rspec-core (~> 3.9.0)
      rspec-expectations (~> 3.9.0)
      rspec-mocks (~> 3.9.0)
    rspec-core (3.9.0)
      rspec-support (~> 3.9.0)
    rspec-expectations (3.9.0)
      diff-lcs (>= 1.2.0, < 2.0)
      rspec-support (~> 3.9.0)
    rspec-mocks (3.9.0)
      diff-lcs (>= 1.2.0, < 2.0)
      rspec-support (~> 3.9.0)
    rspec-support (3.9.0)
    websocket-driver (0.7.3)
      websocket-extensions (>= 0.1.0)
    websocket-extensions (0.1.5)
    xxhash (0.4.0)

PLATFORMS
  ruby

DEPENDENCIES
  bundler
  ffi (~> 1.12)
  kontena-websocket-client!
  pry
  rake (~> 13.0)
  rspec (~> 3.2)
  scale.rb!

BUNDLED WITH
   2.2.13
