PATH
  remote: .
  specs:
    scale.rb (0.2.13)
      activesupport (>= 4.0.0)
      json (~> 2.3.0)
      substrate_common.rb (~> 0.1.9)
      thor (~> 0.19.0)

GEM
  remote: https://rubygems.org/
  specs:
    activesupport (6.0.3.4)
      concurrent-ruby (~> 1.0, >= 1.0.2)
      i18n (>= 0.7, < 2)
      minitest (~> 5.1)
      tzinfo (~> 1.1)
      zeitwerk (~> 2.2, >= 2.2.2)
    base58 (0.2.3)
    blake2b (0.10.0)
    coderay (1.1.2)
    concurrent-ruby (1.1.7)
    diff-lcs (1.3)
    ffi (1.12.2)
    i18n (1.8.5)
      concurrent-ruby (~> 1.0)
    json (2.3.1)
    method_source (0.9.2)
    minitest (5.14.2)
    pry (0.12.2)
      coderay (~> 1.1.0)
      method_source (~> 0.9.0)
    rake (13.0.1)
    rspec (3.9.0)
      rspec-core (~> 3.9.0)
      rspec-expectations (~> 3.9.0)
      rspec-mocks (~> 3.9.0)
    rspec-core (3.9.0)
      rspec-support (~> 3.9.0)
    rspec-expectations (3.9.0)
      diff-lcs (>= 1.2.0, < 2.0)
      rspec-support (~> 3.9.0)
    rspec-mocks (3.9.0)
      diff-lcs (>= 1.2.0, < 2.0)
      rspec-support (~> 3.9.0)
    rspec-support (3.9.0)
    substrate_common.rb (0.1.9)
      base58
      blake2b
      xxhash
    thor (0.19.4)
    thread_safe (0.3.6)
    tzinfo (1.2.8)
      thread_safe (~> 0.1)
    xxhash (0.4.0)
    zeitwerk (2.4.1)

PLATFORMS
  ruby

DEPENDENCIES
  bundler (~> 1.17)
  ffi (~> 1.12)
  pry
  rake (~> 13.0)
  rspec (~> 3.2)
  scale.rb!

BUNDLED WITH
   1.17.3
