PATH
  remote: .
  specs:
    scale.rb (0.2.16)
      base58
      blake2b_rs (~> 0.1.2)
      faye-websocket
      json (~> 2.3.0)
      xxhash

GEM
  remote: https://rubygems.org/
  specs:
    base58 (0.2.3)
    blake2b_rs (0.1.2)
      ffi (= 1.15.0)
      thermite (~> 0)
    coderay (1.1.2)
    diff-lcs (1.3)
    eventmachine (1.2.7)
    faye-websocket (0.11.0)
      eventmachine (>= 0.12.0)
      websocket-driver (>= 0.5.1)
    ffi (1.15.0)
    json (2.3.1)
    method_source (0.9.2)
    minitar (0.9)
    pry (0.12.2)
      coderay (~> 1.1.0)
      method_source (~> 0.9.0)
    rake (13.0.1)
    rspec (3.9.0)
      rspec-core (~> 3.9.0)
      rspec-expectations (~> 3.9.0)
      rspec-mocks (~> 3.9.0)
    rspec-core (3.9.0)
      rspec-support (~> 3.9.0)
    rspec-expectations (3.9.0)
      diff-lcs (>= 1.2.0, < 2.0)
      rspec-support (~> 3.9.0)
    rspec-mocks (3.9.0)
      diff-lcs (>= 1.2.0, < 2.0)
      rspec-support (~> 3.9.0)
    rspec-support (3.9.0)
    thermite (0.13.0)
      minitar (~> 0.5)
      rake (>= 10)
      tomlrb (~> 1.2)
    tomlrb (1.3.0)
    websocket-driver (0.7.3)
      websocket-extensions (>= 0.1.0)
    websocket-extensions (0.1.5)
    xxhash (0.4.0)

PLATFORMS
  ruby

DEPENDENCIES
  bundler
  ffi (~> 1.15.0)
  pry
  rake (~> 13.0)
  rspec (~> 3.2)
  scale.rb!

BUNDLED WITH
   2.2.13
